GEM
  remote: https://rubygems.org/
  specs:
    kgio (2.11.4)
    mustermann (2.0.2)
      ruby2_keywords (~> 0.0.1)
    rack (2.2.7)
    rack-protection (2.2.4)
      rack
    raindrops (0.20.1)
    ruby2_keywords (0.0.5)
    sinatra (2.2.4)
      mustermann (~> 2.0)
      rack (~> 2.2)
      rack-protection (= 2.2.4)
      tilt (~> 2.0)
    tilt (2.1.0)
    unicorn (6.1.0)
      kgio (~> 2.6)
      raindrops (~> 0.7)

PLATFORMS
  arm64-darwin-22
  x86_64-linux

DEPENDENCIES
  rack (~> 2.2.6)
  sinatra (~> 2.2.3)
  unicorn

RUBY VERSION
   ruby 3.2.2p53

BUNDLED WITH
   2.4.13
